GIT
  remote: git://github.com/fog/fog.git
  revision: a7a101210260a273c8b04ca624506301064e19c5
  specs:
    fog (1.1.2)
      builder
      excon (~> 0.9.0)
      formatador (~> 0.2.0)
      mime-types
      multi_json (~> 1.0.3)
      net-scp (~> 1.0.4)
      net-ssh (>= 2.1.3)
      nokogiri (~> 1.5.0)
      ruby-hmac

GIT
  remote: git@github.com:mdsol/eureka-client.git
  revision: c0d9274711d20d0888a521006b39c31f650aaf4b
  ref: c0d9274
  specs:
    eureka-client (0.4.0)
      addressable (>= 2.2.3)
      autoparse (>= 0.3.0)
      extlib (>= 0.9.15)
      faraday (~> 0.7.0)
      faraday_middleware (~> 0.8)
      json-schema (~> 1.0)
      launchy (>= 2.0.0)
      multi_json (>= 1.0.0)
      signet (>= 0.3.1)

GIT
  remote: git@github.com:mdsol/mauth_signer.git
  revision: 4e03b8eea38157aa4500b3e73ca3b8b5a2db71b9
  ref: 4e03b8e
  specs:
    mauth_signer (1.0.3)

GIT
  remote: git@github.com:mdsol/rack-mauth.git
  revision: d8ced6e7a9ea4ff4795e5605ca17009dcac7a56b
  tag: v1.1.0
  specs:
    rack-mauth (1.1.0)
      httpclient (>= 2.2.4)
      json
      rack

GEM
  remote: http://rubygems.org/
  specs:
    actionmailer (3.1.3)
      actionpack (= 3.1.3)
      mail (~> 2.3.0)
    actionpack (3.1.3)
      activemodel (= 3.1.3)
      activesupport (= 3.1.3)
      builder (~> 3.0.0)
      erubis (~> 2.7.0)
      i18n (~> 0.6)
      rack (~> 1.3.5)
      rack-cache (~> 1.1)
      rack-mount (~> 0.8.2)
      rack-test (~> 0.6.1)
      sprockets (~> 2.0.3)
    activemodel (3.1.3)
      activesupport (= 3.1.3)
      builder (~> 3.0.0)
      i18n (~> 0.6)
    activerecord (3.1.3)
      activemodel (= 3.1.3)
      activesupport (= 3.1.3)
      arel (~> 2.2.1)
      tzinfo (~> 0.3.29)
    activeresource (3.1.3)
      activemodel (= 3.1.3)
      activesupport (= 3.1.3)
    activesupport (3.1.3)
      multi_json (~> 1.0)
    addressable (2.2.6)
    arel (2.2.1)
    autoparse (0.3.0)
      addressable (~> 2.2.2)
      extlib (>= 0.9.15)
      json (>= 1.4.6)
    builder (3.0.0)
    capybara (1.1.2)
      mime-types (>= 1.16)
      nokogiri (>= 1.3.3)
      rack (>= 1.0.0)
      rack-test (>= 0.5.4)
      selenium-webdriver (~> 2.0)
      xpath (~> 0.1.4)
    childprocess (0.3.1)
      ffi (~> 1.0.6)
    cucumber (1.1.4)
      builder (>= 2.1.2)
      diff-lcs (>= 1.1.2)
      gherkin (~> 2.7.1)
      json (>= 1.4.6)
      term-ansicolor (>= 1.0.6)
    cucumber-rails (1.2.1)
      capybara (>= 1.1.2)
      cucumber (>= 1.1.3)
      nokogiri (>= 1.5.0)
    database_cleaner (0.7.1)
    diff-lcs (1.1.3)
    erubis (2.7.0)
    excon (0.9.5)
    extlib (0.9.15)
    factory_girl (2.5.1)
      activesupport
    factory_girl_rails (1.6.0)
      factory_girl (~> 2.5.0)
      railties (>= 3.0.0)
    fakeweb (1.3.0)
    faraday (0.7.6)
      addressable (~> 2.2)
      multipart-post (~> 1.1)
      rack (~> 1.1)
    faraday_middleware (0.8.4)
      faraday (>= 0.7.4, < 0.9)
    ffi (1.0.11)
    formatador (0.2.1)
    gherkin (2.7.7)
      json (>= 1.4.6)
    growl (1.0.3)
    guard (1.0.0)
      ffi (>= 0.5.0)
      thor (~> 0.14.6)
    guard-cucumber (0.7.5)
      cucumber (>= 0.10)
      guard (>= 0.8.3)
    guard-rspec (0.6.0)
      guard (>= 0.10.0)
    guard-spork (0.5.2)
      guard (>= 0.10.0)
      spork (>= 0.8.4)
    hike (1.2.1)
    httpclient (2.2.4)
    i18n (0.6.0)
    json (1.6.5)
    json-schema (1.0.1)
    json_spec (0.8.0)
      multi_json (~> 1.0)
      rspec (~> 2.0)
    jwt (0.1.4)
      json (>= 1.2.4)
    launchy (2.0.5)
      addressable (~> 2.2.6)
    mail (2.3.0)
      i18n (>= 0.4.0)
      mime-types (~> 1.16)
      treetop (~> 1.4.8)
    mime-types (1.17.2)
    multi_json (1.0.4)
    multipart-post (1.1.4)
    net-scp (1.0.4)
      net-ssh (>= 1.99.1)
    net-ssh (2.3.0)
    nokogiri (1.5.0)
    pickle (0.4.10)
      cucumber (>= 0.8)
      rake
    polyglot (0.3.3)
    rack (1.3.6)
    rack-cache (1.1)
      rack (>= 0.4)
    rack-mount (0.8.3)
      rack (>= 1.0.0)
    rack-ssl (1.3.2)
      rack
    rack-test (0.6.1)
      rack (>= 1.0)
    rails (3.1.3)
      actionmailer (= 3.1.3)
      actionpack (= 3.1.3)
      activerecord (= 3.1.3)
      activeresource (= 3.1.3)
      activesupport (= 3.1.3)
      bundler (~> 1.0)
      railties (= 3.1.3)
    rails3-generators (0.17.4)
      railties (>= 3.0.0)
    railties (3.1.3)
      actionpack (= 3.1.3)
      activesupport (= 3.1.3)
      rack-ssl (~> 1.3.2)
      rake (>= 0.8.7)
      rdoc (~> 3.4)
      thor (~> 0.14.6)
    rake (0.9.2.2)
    rb-fsevent (0.9.0)
    rdoc (3.12)
      json (~> 1.4)
    rspec (2.8.0)
      rspec-core (~> 2.8.0)
      rspec-expectations (~> 2.8.0)
      rspec-mocks (~> 2.8.0)
    rspec-core (2.8.0)
    rspec-expectations (2.8.0)
      diff-lcs (~> 1.1.2)
    rspec-mocks (2.8.0)
    rspec-rails (2.8.1)
      actionpack (>= 3.0)
      activesupport (>= 3.0)
      railties (>= 3.0)
      rspec (~> 2.8.0)
    ruby-hmac (0.4.0)
    rubyzip (0.9.5)
    selenium-webdriver (2.19.0)
      childprocess (>= 0.2.5)
      ffi (~> 1.0.9)
      multi_json (~> 1.0.4)
      rubyzip
    signet (0.3.2)
      addressable (~> 2.2.3)
      faraday (~> 0.7.0)
      jwt (>= 0.1.4)
      multi_json (>= 1.0.0)
    spork (1.0.0rc2)
    sprockets (2.0.3)
      hike (~> 1.2)
      rack (~> 1.0)
      tilt (~> 1.1, != 1.3.0)
    term-ansicolor (1.0.7)
    thor (0.14.6)
    tilt (1.3.3)
    treetop (1.4.10)
      polyglot
      polyglot (>= 0.3.1)
    tzinfo (0.3.31)
    vcr (2.0.0.beta1)
    xpath (0.1.4)
      nokogiri (~> 1.3)
    yajl-ruby (1.1.0)

PLATFORMS
  ruby

DEPENDENCIES
  capybara
  cucumber-rails
  database_cleaner
  eureka-client!
  factory_girl_rails
  fakeweb
  fog!
  growl
  guard
  guard-cucumber
  guard-rspec
  guard-spork
  json_spec
  launchy
  mauth_signer!
  pickle
  rack-mauth!
  rails (= 3.1.3)
  rails3-generators
  rb-fsevent
  rspec-rails
  spork (> 0.9.0.rc)
  vcr (= 2.0.0.beta1)
  yajl-ruby
